PATH
  remote: .
  specs:
    kaizen-cli (0.0.1)

GEM
  remote: https://rubygems.org/
  specs:
    ast (2.2.0)
    minitest (5.9.0)
    paint (1.0.1)
    parser (2.3.1.2)
      ast (~> 2.2)
    powerpack (0.1.1)
    rainbow (2.1.0)
    rake (10.5.0)
    rubocop (0.40.0)
      parser (>= 2.3.1.0, < 3.0)
      powerpack (~> 0.1)
      rainbow (>= 1.99.1, < 3.0)
      ruby-progressbar (~> 1.7)
      unicode-display_width (~> 1.0, >= 1.0.1)
    ruby-progressbar (1.8.1)
    rubyzip (1.2.0)
    sass (3.4.22)
    unicode-display_width (1.0.5)

PLATFORMS
  ruby

DEPENDENCIES
  kaizen-cli!
  minitest (~> 5.7, >= 5.7.0)
  paint (~> 1.0, >= 1.0.1)
  rake (~> 10.4, >= 10.4.2)
  rubocop (~> 0.40, >= 0.40.0)
  rubyzip (~> 1.2, >= 1.2.0)
  sass (~> 3.4, >= 3.4.22)

BUNDLED WITH
   1.11.2
